GEM
  remote: https://rubygems.org/
  specs:
    celluloid (0.15.2)
      timers (~> 1.1.0)
    connection_pool (2.0.0)
    ethon (0.7.0)
      ffi (>= 1.3.0)
    ffi (1.9.3)
    ice_cube (0.11.3)
    json (1.8.1)
    metaclass (0.0.4)
    mini_portile (0.6.0)
    minispec-metadata (2.0.0)
      minitest
    minitest (5.3.4)
    mocha (1.1.0)
      metaclass (~> 0.0.1)
    nokogiri (1.6.2.1)
      mini_portile (= 0.6.0)
    rack (1.5.2)
    rack-protection (1.5.3)
      rack
    rake (10.3.2)
    redis (3.0.7)
    redis-namespace (1.4.1)
      redis (~> 3.0.4)
    rmagick (2.13.2)
    sidekiq (3.1.2)
      celluloid (>= 0.15.2)
      connection_pool (>= 2.0.0)
      json
      redis (>= 3.0.6)
      redis-namespace (>= 1.3.1)
    sidetiq (0.5.0)
      celluloid (>= 0.14.1)
      ice_cube (~> 0.11.0)
      sidekiq (>= 2.16.0)
    sinatra (1.4.5)
      rack (~> 1.4)
      rack-protection (~> 1.4)
      tilt (~> 1.3, >= 1.3.4)
    slim (2.0.2)
      temple (~> 0.6.6)
      tilt (>= 1.3.3, < 2.1)
    temple (0.6.7)
    tilt (1.4.1)
    timers (1.1.0)
    typhoeus (0.6.8)
      ethon (>= 0.7.0)
    vcr (2.9.1)

PLATFORMS
  ruby

DEPENDENCIES
  minispec-metadata
  mocha
  nokogiri
  rake
  rmagick
  sidekiq
  sidetiq
  sinatra
  slim
  typhoeus
  vcr
