GEM
  remote: https://rubygems.org/
  specs:
    ethon (0.7.0)
      ffi (>= 1.3.0)
    ffi (1.9.3)
    metaclass (0.0.4)
    mini_portile (0.6.0)
    minispec-metadata (2.0.0)
      minitest
    minitest (5.3.4)
    mocha (1.1.0)
      metaclass (~> 0.0.1)
    nokogiri (1.6.2.1)
      mini_portile (= 0.6.0)
    rake (10.3.2)
    typhoeus (0.6.8)
      ethon (>= 0.7.0)
    vcr (2.9.1)

PLATFORMS
  ruby

DEPENDENCIES
  minispec-metadata
  mocha
  nokogiri
  rake
  typhoeus
  vcr
